GEM
  remote: https://rubygems.org/
  specs:
    commonmarker (0.21.2)
      ruby-enum (~> 0.5)
    concurrent-ruby (1.1.8)
    i18n (1.8.9)
      concurrent-ruby (~> 1.0)
    ruby-enum (0.9.0)
      i18n

PLATFORMS
  ruby

DEPENDENCIES
  commonmarker

BUNDLED WITH
   1.17.2
